GEM
  remote: http://rubygems.org/
  remote: http://download.bioinformatics.northwestern.edu/gems/
  remote: http://gems.github.com/
  specs:
    Saikuro (1.1.0)
    actionmailer (2.3.8)
      actionpack (= 2.3.8)
    actionpack (2.3.8)
      activesupport (= 2.3.8)
      rack (~> 1.1.0)
    activerecord (2.3.8)
      activesupport (= 2.3.8)
    activerecord-oracle_enhanced-adapter (1.2.3)
      activerecord (>= 2.0.0)
    activeresource (2.3.8)
      activesupport (= 2.3.8)
    activesupport (2.3.8)
    arrayfields (4.7.4)
    bcaudit (0.0.3)
      activerecord (~> 2.3.2)
      rack (~> 1.1)
    bcdatabase (1.0.2)
      activesupport (~> 2.0)
      highline (~> 1.6)
    bcsec (2.0.6)
      activerecord (~> 2.3.5)
      activesupport (~> 2.3.5)
      bcaudit (~> 0.0, >= 0.0.3)
      bcdatabase (~> 1.0)
      composite_primary_keys (~> 2.3.5)
      net-ldap (~> 0.1.1)
      rubycas-client (~> 2.1.0)
      rubytree (~> 0.7.0)
      schema_qualified_tables (~> 1.0)
      warden (~> 0.10.3)
    bcsec-rails (2.0.0)
      bcsec (>= 2.0.0)
      rails (~> 2.3.5)
    builder (2.1.2)
    capistrano (2.5.19)
      highline
      net-scp (>= 1.0.0)
      net-sftp (>= 2.0.0)
      net-ssh (>= 2.0.14)
      net-ssh-gateway (>= 1.0.0)
    capybara (0.3.9)
      culerity (>= 0.2.4)
      mime-types (>= 1.16)
      nokogiri (>= 1.3.3)
      rack (>= 1.0.0)
      rack-test (>= 0.5.4)
      selenium-webdriver (>= 0.0.3)
    chronic (0.2.3)
      hoe (>= 1.2.1)
    churn (0.0.12)
      chronic (~> 0.2.3)
      hirb
      json_pure
      main
      ruby_parser (~> 2.0.4)
      sexp_processor (~> 3.0.3)
    ci_reporter (1.6.2)
      builder (>= 2.1.2)
    composite_primary_keys (2.3.5.1)
      activerecord (>= 2.3.5)
    cucumber (0.8.5)
      builder (~> 2.1.2)
      diff-lcs (~> 1.1.2)
      gherkin (~> 2.1.4)
      json_pure (~> 1.4.3)
      term-ansicolor (~> 1.0.4)
    cucumber-rails (0.3.2)
      cucumber (>= 0.8.0)
    culerity (0.2.12)
    database_cleaner (0.5.2)
    diff-lcs (1.1.2)
    facets (2.8.4)
    factory_girl (1.2.4)
    fastercsv (1.5.3)
    fattr (2.1.0)
    ffi (0.6.3)
      rake (>= 0.8.7)
    flay (1.4.0)
      ruby_parser (~> 2.0)
      sexp_processor (~> 3.0)
    flog (2.4.0)
      ruby_parser (~> 2.0)
      sexp_processor (~> 3.0)
    gherkin (2.1.5)
      trollop (~> 1.16.2)
    haml (2.2.24)
    highline (1.6.1)
    hirb (0.3.3)
    hoe (2.6.1)
      rake (>= 0.8.7)
      rubyforge (>= 2.0.4)
    json_pure (1.4.6)
    main (4.2.0)
      arrayfields (>= 4.7.4)
      fattr (>= 2.1.0)
    metric_fu (1.5.1)
      Saikuro (>= 1.1.0)
      activesupport (>= 2.0.0)
      chronic (>= 0.2.3)
      churn (>= 0.0.7)
      flay (>= 1.2.1)
      flog (>= 2.2.0)
      rails_best_practices (>= 0.3.16)
      rcov (>= 0.8.3.3)
      reek (>= 1.2.6)
      roodi (>= 2.1.0)
    mime-types (1.16)
    net-ldap (0.1.1)
    net-scp (1.0.3)
      net-ssh (>= 1.99.1)
    net-sftp (2.0.5)
      net-ssh (>= 2.0.9)
    net-ssh (2.0.23)
    net-ssh-gateway (1.0.1)
      net-ssh (>= 1.99.1)
    nokogiri (1.4.3.1)
    paperclip (2.3.3)
      activerecord
      activesupport
    pg (0.9.0)
    rack (1.1.0)
    rack-test (0.5.4)
      rack (>= 1.0)
    rails (2.3.8)
      actionmailer (= 2.3.8)
      actionpack (= 2.3.8)
      activerecord (= 2.3.8)
      activeresource (= 2.3.8)
      activesupport (= 2.3.8)
      rake (>= 0.8.3)
    rails_best_practices (0.4.0)
      ruby2ruby (>= 1.2.4)
      ruby_parser (>= 2.0.4)
    rake (0.8.7)
    rcov (0.9.8)
    reek (1.2.8)
      ruby2ruby (~> 1.2)
      ruby_parser (~> 2.0)
      sexp_processor (~> 3.0)
    roodi (2.1.0)
      ruby_parser
    rspec (1.3.0)
    rspec-rails (1.3.2)
      rack (>= 1.0.0)
      rspec (>= 1.3.0)
    ruby-oci8 (2.0.4)
    ruby-prof (0.9.2)
    ruby2ruby (1.2.4)
      ruby_parser (~> 2.0)
      sexp_processor (~> 3.0)
    ruby_parser (2.0.4)
      sexp_processor (~> 3.0)
    rubycas-client (2.1.0)
      activesupport
    rubyforge (2.0.4)
      json_pure (>= 1.1.7)
    rubytree (0.7.0)
    rubyzip (0.9.4)
    schema_qualified_tables (1.0.0)
      activerecord (>= 2.3)
    searchlogic (2.4.24)
      activerecord (>= 2.0.0)
    selenium-webdriver (0.0.28)
      ffi (>= 0.6.1)
      json_pure
      rubyzip
    sexp_processor (3.0.4)
    shoulda (2.11.3)
    state_machine (0.9.4)
    surveyor (0.16.1)
      fastercsv
      haml
    term-ansicolor (1.0.5)
    trollop (1.16.2)
    warden (0.10.7)
      rack (>= 1.0.0)
    will_paginate (2.3.14)
    zippy (0.1.0)
      rubyzip (>= 0.9.1)

PLATFORMS
  ruby

DEPENDENCIES
  activerecord-oracle_enhanced-adapter (= 1.2.3)
  bcdatabase
  bcsec (~> 2.0.6)
  bcsec-rails
  builder
  bundler (~> 1.0.0)
  capistrano
  capybara
  ci_reporter
  cucumber
  cucumber-rails
  database_cleaner
  facets
  factory_girl (= 1.2.4)
  fastercsv
  gherkin
  haml (= 2.2.24)
  metric_fu
  nokogiri
  paperclip
  pg
  rails (= 2.3.8)
  reek
  roodi
  rspec (>= 1.3.0)
  rspec-rails (>= 1.3.2)
  ruby-oci8
  ruby-prof
  searchlogic
  shoulda
  state_machine
  surveyor (>= 0.16.1)
  term-ansicolor
  trollop
  will_paginate
  zippy
