GEM
  remote: http://rubygems.org/
  remote: http://download.bioinformatics.northwestern.edu/gems/
  remote: http://gems.github.com/
  specs:
    Saikuro (1.1.0)
    ZenTest (4.4.2)
    abstract (1.0.0)
    actionmailer (2.3.8)
      actionpack (= 2.3.8)
    actionpack (2.3.8)
      activesupport (= 2.3.8)
      rack (~> 1.1.0)
    activerecord (2.3.8)
      activesupport (= 2.3.8)
    activerecord-oracle_enhanced-adapter (1.2.3)
      activerecord (>= 2.0.0)
    activeresource (2.3.8)
      activesupport (= 2.3.8)
    activesupport (2.3.8)
    arrayfields (4.7.4)
    autotest (4.4.6)
      ZenTest (>= 4.4.1)
    autotest-growl (0.2.9)
    bcaudit (0.0.3)
      activerecord (~> 2.3.2)
      rack (~> 1.1)
    bcdatabase (1.0.2)
      activesupport (~> 2.0)
      highline (~> 1.6)
    bcsec (2.0.6)
      activerecord (~> 2.3.5)
      activesupport (~> 2.3.5)
      bcaudit (~> 0.0, >= 0.0.3)
      bcdatabase (~> 1.0)
      composite_primary_keys (~> 2.3.5)
      net-ldap (~> 0.1.1)
      rubycas-client (~> 2.1.0)
      rubytree (~> 0.7.0)
      schema_qualified_tables (~> 1.0)
      warden (~> 0.10.3)
    bcsec-rails (2.0.0)
      bcsec (>= 2.0.0)
      rails (~> 2.3.5)
    builder (3.0.0)
    capistrano (2.5.19)
      highline
      net-scp (>= 1.0.0)
      net-sftp (>= 2.0.0)
      net-ssh (>= 2.0.14)
      net-ssh-gateway (>= 1.0.0)
    capybara (0.4.1.1)
      celerity (>= 0.7.9)
      culerity (>= 0.2.4)
      mime-types (>= 1.16)
      nokogiri (>= 1.3.3)
      rack (>= 1.0.0)
      rack-test (>= 0.5.4)
      selenium-webdriver (>= 0.0.27)
      xpath (~> 0.1.3)
    celerity (0.8.7)
    childprocess (0.1.6)
      ffi (~> 0.6.3)
    chronic (0.2.3)
      hoe (>= 1.2.1)
    churn (0.0.13)
      chronic (>= 0.2.3)
      hirb
      json_pure
      main
      ruby_parser (~> 2.0.4)
      sexp_processor (~> 3.0.3)
    ci_reporter (1.6.4)
      builder (>= 2.1.2)
    colored (1.2)
    composite_primary_keys (2.3.5.1)
      activerecord (>= 2.3.5)
    configuration (1.2.0)
    cucumber (0.10.0)
      builder (>= 2.1.2)
      diff-lcs (~> 1.1.2)
      gherkin (~> 2.3.2)
      json (~> 1.4.6)
      term-ansicolor (~> 1.0.5)
    cucumber-rails (0.3.2)
      cucumber (>= 0.8.0)
    culerity (0.2.15)
    database_cleaner (0.6.1)
    diff-lcs (1.1.2)
    erubis (2.6.6)
      abstract (>= 1.0.0)
    facets (2.9.0)
    factory_girl (1.3.3)
    fastercsv (1.5.4)
    fattr (2.2.0)
    ffi (0.6.3)
      rake (>= 0.8.7)
    flay (1.4.1)
      ruby_parser (~> 2.0)
      sexp_processor (~> 3.0)
    flog (2.5.0)
      ruby_parser (~> 2.0)
      sexp_processor (~> 3.0)
    gherkin (2.3.3)
      json (~> 1.4.6)
    haml (2.2.24)
    highline (1.6.1)
    hirb (0.3.6)
    hoe (2.8.0)
      rake (>= 0.8.7)
    i18n (0.5.0)
    json (1.4.6)
    json_pure (1.5.1)
    launchy (0.4.0)
      configuration (>= 0.0.5)
      rake (>= 0.8.1)
    main (4.4.0)
      arrayfields (>= 4.7.4)
      fattr (>= 2.1.0)
    metric_fu (2.0.1)
      Saikuro (>= 1.1.0)
      activesupport (>= 2.0.0)
      chronic (~> 0.2.3)
      churn (>= 0.0.7)
      flay (>= 1.2.1)
      flog (>= 2.2.0)
      rails_best_practices (>= 0.3.16)
      rcov (>= 0.8.3.3)
      reek (>= 1.2.6)
      roodi (>= 2.1.0)
    mime-types (1.16)
    net-ldap (0.1.1)
    net-scp (1.0.4)
      net-ssh (>= 1.99.1)
    net-sftp (2.0.5)
      net-ssh (>= 2.0.9)
    net-ssh (2.1.0)
    net-ssh-gateway (1.0.1)
      net-ssh (>= 1.99.1)
    nokogiri (1.4.4)
    paperclip (2.3.8)
      activerecord
      activesupport
    pg (0.10.1)
    rack (1.1.0)
    rack-test (0.5.7)
      rack (>= 1.0)
    rails (2.3.8)
      actionmailer (= 2.3.8)
      actionpack (= 2.3.8)
      activerecord (= 2.3.8)
      activeresource (= 2.3.8)
      activesupport (= 2.3.8)
      rake (>= 0.8.3)
    rails_best_practices (0.6.1)
      activesupport
      colored (~> 1.2)
      erubis (~> 2.6.6)
      i18n
      ruby-progressbar (~> 0.0.9)
      ruby_parser (~> 2.0.4)
    rake (0.8.7)
    rcov (0.9.9)
    reek (1.2.8)
      ruby2ruby (~> 1.2)
      ruby_parser (~> 2.0)
      sexp_processor (~> 3.0)
    roodi (2.1.0)
      ruby_parser
    rspec (1.3.1)
    rspec-rails (1.3.3)
      rack (>= 1.0.0)
      rspec (= 1.3.1)
    ruby-oci8 (2.0.4)
    ruby-prof (0.9.2)
    ruby-progressbar (0.0.9)
    ruby2ruby (1.2.5)
      ruby_parser (~> 2.0)
      sexp_processor (~> 3.0)
    ruby_parser (2.0.5)
      sexp_processor (~> 3.0)
    rubycas-client (2.1.0)
      activesupport
    rubytree (0.7.0)
    rubyzip (0.9.4)
    schema_qualified_tables (1.0.0)
      activerecord (>= 2.3)
    searchlogic (2.4.27)
      activerecord (>= 2.0.0)
    selenium-webdriver (0.1.2)
      childprocess (~> 0.1.5)
      ffi (~> 0.6.3)
      json_pure
      rubyzip
    sexp_processor (3.0.5)
    shoulda (2.11.3)
    state_machine (0.9.4)
    surveyor (0.18.2)
      fastercsv
      haml
    term-ansicolor (1.0.5)
    timecop (0.3.5)
    trollop (1.16.2)
    turbulence (0.0.9)
      flog (= 2.5.0)
      json (= 1.4.6)
      launchy (~> 0.4.0)
    warden (0.10.7)
      rack (>= 1.0.0)
    will_paginate (2.3.15)
    xpath (0.1.3)
      nokogiri (~> 1.3)
    zippy (0.1.0)
      rubyzip (>= 0.9.1)

PLATFORMS
  ruby

DEPENDENCIES
  activerecord-oracle_enhanced-adapter (= 1.2.3)
  autotest
  autotest-growl
  bcdatabase
  bcsec (~> 2.0.6)
  bcsec-rails
  builder
  bundler (~> 1.0.0)
  capistrano
  capybara
  chronic
  ci_reporter
  cucumber
  cucumber-rails
  database_cleaner
  facets
  factory_girl
  fastercsv
  gherkin
  haml (= 2.2.24)
  metric_fu
  nokogiri
  paperclip
  pg
  rails (= 2.3.8)
  reek
  roodi
  rspec (~> 1.3)
  rspec-rails (~> 1.3)
  ruby-oci8
  ruby-prof
  searchlogic
  shoulda
  state_machine
  surveyor (>= 0.16.1)
  term-ansicolor
  timecop
  trollop
  turbulence
  will_paginate
  zippy
